PATH
  remote: .
  specs:
    ruzbx (0.1.8)
      faraday (~> 2.9)
      faraday-multipart (~> 1.0)

GEM
  remote: https://rubygems.org/
  specs:
    faraday (2.9.0)
      faraday-net_http (>= 2.0, < 3.2)
    faraday-multipart (1.0.4)
      multipart-post (~> 2)
    faraday-net_http (3.1.0)
      net-http
    multipart-post (2.4.0)
    net-http (0.4.1)
      uri
    power_assert (2.0.3)
    rake (13.2.1)
    test-unit (3.6.2)
      power_assert
    uri (0.13.0)

PLATFORMS
  arm64-darwin-21
  ruby

DEPENDENCIES
  faraday (~> 2.9)
  faraday-multipart (~> 1.0)
  rake (~> 13.0)
  ruzbx!
  test-unit (~> 3.6)

BUNDLED WITH
   2.5.7
